GIT
  remote: git://github.com/capistrano/rvm.git
  revision: 9cfef39cf0022839dca6b5b330dfefeb5fc363e7
  specs:
    capistrano-rvm (0.1.2)
      capistrano (~> 3.0)
      sshkit (~> 1.2)

GIT
  remote: git://github.com/danielrhodes/squeel.git
  revision: e7f016834eba7f31ed94cb59ed5d41ee80739dd2
  specs:
    squeel (1.2.2)
      activerecord (>= 3.0)
      activesupport (>= 3.0)
      polyamorous (~> 1.1.0)

GIT
  remote: git://github.com/seyhunak/twitter-bootstrap-rails.git
  revision: 935f53bb55ef736260fa2ef04e29da2fc3fb2b3f
  specs:
    twitter-bootstrap-rails (3.2.1)
      actionpack (>= 3.1)
      execjs (>= 2.2.2, >= 2.2)
      less-rails (>= 2.5.0)
      railties (>= 3.1)

GEM
  remote: https://ruby.taobao.org/
  specs:
    actionmailer (4.2.0)
      actionpack (= 4.2.0)
      actionview (= 4.2.0)
      activejob (= 4.2.0)
      mail (~> 2.5, >= 2.5.4)
      rails-dom-testing (~> 1.0, >= 1.0.5)
    actionpack (4.2.0)
      actionview (= 4.2.0)
      activesupport (= 4.2.0)
      rack (~> 1.6.0)
      rack-test (~> 0.6.2)
      rails-dom-testing (~> 1.0, >= 1.0.5)
      rails-html-sanitizer (~> 1.0, >= 1.0.1)
    actionpack-page_caching (1.0.2)
      actionpack (>= 4.0.0, < 5)
    actionpack-xml_parser (1.0.2)
      actionpack (>= 4.0.0, < 5)
    actionview (4.2.0)
      activesupport (= 4.2.0)
      builder (~> 3.1)
      erubis (~> 2.7.0)
      rails-dom-testing (~> 1.0, >= 1.0.5)
      rails-html-sanitizer (~> 1.0, >= 1.0.1)
    activejob (4.2.0)
      activesupport (= 4.2.0)
      globalid (>= 0.3.0)
    activemodel (4.2.0)
      activesupport (= 4.2.0)
      builder (~> 3.1)
    activerecord (4.2.0)
      activemodel (= 4.2.0)
      activesupport (= 4.2.0)
      arel (~> 6.0)
    activesupport (4.2.0)
      i18n (~> 0.7)
      json (~> 1.7, >= 1.7.7)
      minitest (~> 5.1)
      thread_safe (~> 0.3, >= 0.3.4)
      tzinfo (~> 1.1)
    acts-as-taggable-on (3.4.3)
      activerecord (>= 3.2, < 5)
    addressable (2.3.6)
    airborne (0.1.16)
      activesupport (>= 3.0.0)
      rack-test (~> 0.6, >= 0.6.2)
      rest-client (~> 1.7, >= 1.7.3)
      rspec (~> 3.1, >= 3.1.0)
    angularjs-rails-resource (1.1.1)
    arel (6.0.0)
    autoprefixer-rails (5.0.0)
      execjs
    awesome_nested_set (3.0.2)
      activerecord (>= 4.0.0, < 5)
    awesome_print (1.6.1)
    axiom-types (0.1.1)
      descendants_tracker (~> 0.0.4)
      ice_nine (~> 0.11.0)
      thread_safe (~> 0.3, >= 0.3.1)
    axlsx (2.0.1)
      htmlentities (~> 4.3.1)
      nokogiri (>= 1.4.1)
      rubyzip (~> 1.0.0)
    barby (0.6.2)
    bcrypt (3.1.9)
    better_errors (2.1.1)
      coderay (>= 1.0.0)
      erubis (>= 2.6.6)
      rack (>= 0.9.0)
    bootstrap3-datetimepicker-rails (3.1.3)
      momentjs-rails (>= 2.8.1)
    bootstrap_flash_messages (1.0.0)
    browser (0.8.0)
    builder (3.2.2)
    cancancan (1.10.1)
    capistrano (3.1.0)
      i18n
      rake (>= 10.0.0)
      sshkit (~> 1.3)
    capistrano-bundler (1.1.3)
      capistrano (~> 3.1)
      sshkit (~> 1.2)
    capistrano-rails (1.1.2)
      capistrano (~> 3.1)
      capistrano-bundler (~> 1.1)
    celluloid (0.16.0)
      timers (~> 4.0.0)
    chronic (0.10.2)
    chunky_png (1.3.4)
    climate_control (0.0.3)
      activesupport (>= 3.0)
    cocaine (0.5.5)
      climate_control (>= 0.0.3, < 1.0)
    coderay (1.1.0)
    coercible (1.0.0)
      descendants_tracker (~> 0.0.1)
    coffee-rails (4.1.0)
      coffee-script (>= 2.2.0)
      railties (>= 4.0.0, < 5.0)
    coffee-script (2.3.0)
      coffee-script-source
      execjs
    coffee-script-source (1.8.0)
    colorize (0.7.5)
    commonjs (0.2.7)
    daemons (1.1.9)
    database_cleaner (1.4.1)
    delayed_job (4.0.6)
      activesupport (>= 3.0, < 5.0)
    delayed_job_active_record (4.0.3)
      activerecord (>= 3.0, < 5.0)
      delayed_job (>= 3.0, < 4.1)
    descendants_tracker (0.0.4)
      thread_safe (~> 0.3, >= 0.3.1)
    devise (3.4.1)
      bcrypt (~> 3.0)
      orm_adapter (~> 0.1)
      railties (>= 3.2.6, < 5)
      responders
      thread_safe (~> 0.1)
      warden (~> 1.2.3)
    devise-async (0.9.0)
      devise (~> 3.2)
    diff-lcs (1.2.5)
    diffy (3.0.7)
    domain_name (0.5.24)
      unf (>= 0.0.5, < 1.0.0)
    doorkeeper (1.4.0)
      railties (>= 3.1)
    dumper (1.6.0)
      multi_json (>= 1.0)
      multipart-post (>= 1.1.5)
      posix-spawn (>= 0.3.6)
    em-websocket (0.5.1)
      eventmachine (>= 0.12.9)
      http_parser.rb (~> 0.6.0)
    equalizer (0.0.9)
    erubis (2.7.0)
    ethon (0.7.3)
      ffi (>= 1.3.0)
    eventmachine (1.0.4)
    execjs (2.2.2)
    factory_girl (4.5.0)
      activesupport (>= 3.0.0)
    factory_girl_rails (4.5.0)
      factory_girl (~> 4.5.0)
      railties (>= 3.0.0)
    faker (1.4.3)
      i18n (~> 0.5)
    ffi (1.9.10)
    formatador (0.2.5)
    globalid (0.3.0)
      activesupport (>= 4.1.0)
    grape (0.10.1)
      activesupport
      builder
      hashie (>= 2.1.0)
      multi_json (>= 1.3.2)
      multi_xml (>= 0.5.2)
      rack (>= 1.3.0)
      rack-accept
      rack-mount
      virtus (>= 1.0.0)
    grape-doorkeeper (0.0.2)
      doorkeeper (~> 1.4.0)
      grape (~> 0.9)
    grape-rabl (0.3.0)
      grape
      i18n
      rabl
      tilt
    growl (1.0.3)
    guard (2.12.5)
      formatador (>= 0.2.4)
      listen (~> 2.7)
      lumberjack (~> 1.0)
      nenv (~> 0.1)
      notiffany (~> 0.0)
      pry (>= 0.9.12)
      shellany (~> 0.0)
      thor (>= 0.18.1)
    guard-coffeescript (2.0.1)
      coffee-script (>= 2.2.0)
      guard (>= 2.1.0)
      guard-compat (~> 1.1)
    guard-compat (1.2.1)
    guard-less (2.0.0)
      guard (~> 2.0)
      guard-compat (~> 1.2)
      less (~> 2.3)
    guard-livereload (2.4.0)
      em-websocket (~> 0.5)
      guard (~> 2.8)
      multi_json (~> 1.8)
    guard-rspec (4.6.2)
      guard (~> 2.1)
      guard-compat (~> 1.1)
      rspec (>= 2.99.0, < 4.0)
    guard-sass (1.6.0)
      guard (>= 2.8.0)
      sass (>= 3.1)
    hashids (1.0.2)
    hashie (3.4.0)
    hike (1.2.3)
    hirb (0.7.2)
    hitimes (1.2.2)
    hpricot (0.8.6)
    html2slim (0.1.0)
      hpricot
    htmlentities (4.3.3)
    http-cookie (1.0.2)
      domain_name (~> 0.5)
    http_parser.rb (0.6.0)
    i18n (0.7.0)
    ice_nine (0.11.1)
    ionicons-rails (2.0.0)
    jbuilder (2.2.6)
      activesupport (>= 3.0.0, < 5)
      multi_json (~> 1.2)
    jquery-fileupload-rails (0.4.2)
      actionpack (>= 3.1)
      railties (>= 3.1)
    jquery-rails (4.0.3)
      rails-dom-testing (~> 1.0)
      railties (>= 4.2.0)
      thor (>= 0.14, < 2.0)
    jquery-ui-rails (5.0.5)
      railties (>= 3.2.16)
    jquery_mobile_rails (1.4.5)
      railties (>= 3.1.0)
    json (1.8.2)
    launchy (2.4.3)
      addressable (~> 2.3)
    less (2.6.0)
      commonjs (~> 0.2.7)
    less-rails (2.6.0)
      actionpack (>= 3.1)
      less (~> 2.6.0)
    letter_opener (1.3.0)
      launchy (~> 2.2)
    libv8 (3.16.14.7)
    listen (2.10.1)
      celluloid (~> 0.16.0)
      rb-fsevent (>= 0.9.3)
      rb-inotify (>= 0.9)
    loofah (2.0.1)
      nokogiri (>= 1.5.9)
    lumberjack (1.0.9)
    mail (2.6.3)
      mime-types (>= 1.16, < 3)
    method_source (0.8.2)
    mime-types (1.25.1)
    mini_portile (0.6.2)
    minitest (5.5.1)
    mobile-fu (1.3.1)
      rack-mobile-detect
      rails
    momentjs-rails (2.9.0)
      railties (>= 3.1)
    multi_json (1.10.1)
    multi_xml (0.5.5)
    multipart-post (2.0.0)
    mysql2 (0.3.17)
    nenv (0.2.0)
    net-scp (1.2.1)
      net-ssh (>= 2.6.5)
    net-ssh (2.9.2)
    netrc (0.10.3)
    nokogiri (1.6.5)
      mini_portile (~> 0.6.0)
    notiffany (0.0.6)
      nenv (~> 0.1)
      shellany (~> 0.0)
    oj (2.11.4)
    omniauth (1.2.2)
      hashie (>= 1.2, < 4)
      rack (~> 1.0)
    orm_adapter (0.5.0)
    paperclip (4.2.1)
      activemodel (>= 3.0.0)
      activesupport (>= 3.0.0)
      cocaine (~> 0.5.3)
      mime-types
    paranoia (2.0.4)
      activerecord (~> 4.0)
    polyamorous (1.1.0)
      activerecord (>= 3.0)
    posix-spawn (0.3.11)
    pry (0.10.1)
      coderay (~> 1.1.0)
      method_source (~> 0.8.1)
      slop (~> 3.4)
    pry-nav (0.2.4)
      pry (>= 0.9.10, < 0.11.0)
    pry-rails (0.3.2)
      pry (>= 0.9.10)
    pry-remote (0.1.8)
      pry (~> 0.9)
      slop (~> 3.0)
    quiet_assets (1.1.0)
      railties (>= 3.1, < 5.0)
    rabl (0.11.6)
      activesupport (>= 2.3.14)
    rack (1.6.0)
    rack-accept (0.4.5)
      rack (>= 0.4)
    rack-mobile-detect (0.4.0)
      rack
    rack-mount (0.8.3)
      rack (>= 1.0.0)
    rack-test (0.6.3)
      rack (>= 1.0)
    rack-utf8_sanitizer (1.2.4)
      rack (~> 1.0)
    rails (4.2.0)
      actionmailer (= 4.2.0)
      actionpack (= 4.2.0)
      actionview (= 4.2.0)
      activejob (= 4.2.0)
      activemodel (= 4.2.0)
      activerecord (= 4.2.0)
      activesupport (= 4.2.0)
      bundler (>= 1.3.0, < 2.0)
      railties (= 4.2.0)
      sprockets-rails
    rails-deprecated_sanitizer (1.0.3)
      activesupport (>= 4.2.0.alpha)
    rails-dom-testing (1.0.5)
      activesupport (>= 4.2.0.beta, < 5.0)
      nokogiri (~> 1.6.0)
      rails-deprecated_sanitizer (>= 1.0.1)
    rails-html-sanitizer (1.0.1)
      loofah (~> 2.0)
    rails-i18n (4.0.3)
      i18n (~> 0.6)
      railties (~> 4.0)
    rails_config (0.4.2)
      activesupport (>= 3.0)
    railties (4.2.0)
      actionpack (= 4.2.0)
      activesupport (= 4.2.0)
      rake (>= 0.8.7)
      thor (>= 0.18.1, < 2.0)
    rake (10.4.2)
    rb-fsevent (0.9.5)
    rb-inotify (0.9.5)
      ffi (>= 0.5.0)
    rb-readline (0.5.3)
    rdoc (4.2.0)
    ref (1.0.5)
    representable (2.1.4)
      multi_json
      nokogiri
      uber (~> 0.0.7)
    responders (2.0.2)
      railties (>= 4.2.0.alpha, < 5)
    rest-client (1.8.0)
      http-cookie (>= 1.0.2, < 2.0)
      mime-types (>= 1.16, < 3.0)
      netrc (~> 0.7)
    roar (1.0.0)
      representable (>= 2.0.1, <= 3.0.0)
    roar-rails (1.0.1)
      actionpack
      railties (>= 3.0.0)
      responders
      roar (>= 1.0.0, <= 1.1.0)
      test_xml (>= 0.1.6)
      uber (>= 0.0.5)
    rspec (3.3.0)
      rspec-core (~> 3.3.0)
      rspec-expectations (~> 3.3.0)
      rspec-mocks (~> 3.3.0)
    rspec-core (3.3.2)
      rspec-support (~> 3.3.0)
    rspec-expectations (3.3.1)
      diff-lcs (>= 1.2.0, < 2.0)
      rspec-support (~> 3.3.0)
    rspec-mocks (3.3.2)
      diff-lcs (>= 1.2.0, < 2.0)
      rspec-support (~> 3.3.0)
    rspec-rails (3.3.3)
      actionpack (>= 3.0, < 4.3)
      activesupport (>= 3.0, < 4.3)
      railties (>= 3.0, < 4.3)
      rspec-core (~> 3.3.0)
      rspec-expectations (~> 3.3.0)
      rspec-mocks (~> 3.3.0)
      rspec-support (~> 3.3.0)
    rspec-support (3.3.0)
    rubyzip (1.0.0)
    sass (3.4.9)
    sass-rails (5.0.1)
      railties (>= 4.0.0, < 5.0)
      sass (~> 3.1)
      sprockets (>= 2.8, < 4.0)
      sprockets-rails (>= 2.0, < 4.0)
      tilt (~> 1.1)
    sdoc (0.4.1)
      json (~> 1.7, >= 1.7.7)
      rdoc (~> 4.0)
    select2-rails (3.5.9.1)
      thor (~> 0.14)
    shellany (0.0.1)
    simple_form (3.1.0)
      actionpack (~> 4.0)
      activemodel (~> 4.0)
    slim (3.0.1)
      temple (~> 0.7.3)
      tilt (>= 1.3.3, < 2.1)
    slim-rails (3.0.1)
      actionmailer (>= 3.1, < 5.0)
      actionpack (>= 3.1, < 5.0)
      activesupport (>= 3.1, < 5.0)
      railties (>= 3.1, < 5.0)
      slim (~> 3.0)
    slop (3.6.0)
    spring (1.2.0)
    spring-commands-rspec (1.0.4)
      spring (>= 0.9.1)
    sprockets (2.12.3)
      hike (~> 1.2)
      multi_json (~> 1.0)
      rack (~> 1.0)
      tilt (~> 1.1, != 1.3.0)
    sprockets-rails (2.2.2)
      actionpack (>= 3.0)
      activesupport (>= 3.0)
      sprockets (>= 2.8, < 4.0)
    sshkit (1.6.1)
      colorize (>= 0.7.0)
      net-scp (>= 1.1.2)
      net-ssh (>= 2.8.0)
    temple (0.7.5)
    test_xml (0.1.7)
      diffy (~> 3.0)
      nokogiri (>= 1.3.2)
    therubyracer (0.12.1)
      libv8 (~> 3.16.14.0)
      ref
    thin (1.6.3)
      daemons (~> 1.0, >= 1.0.9)
      eventmachine (~> 1.0)
      rack (~> 1.0)
    thor (0.19.1)
    thread_safe (0.3.4)
    tilt (1.4.1)
    timers (4.0.1)
      hitimes
    typhoeus (0.7.1)
      ethon (>= 0.7.1)
    tzinfo (1.2.2)
      thread_safe (~> 0.1)
    uber (0.0.13)
    uglifier (2.7.0)
      execjs (>= 0.3.0)
      json (>= 1.8.0)
    unf (0.1.4)
      unf_ext
    unf_ext (0.0.7.1)
    virtus (1.0.4)
      axiom-types (~> 0.1)
      coercible (~> 1.0)
      descendants_tracker (~> 0.0, >= 0.0.3)
      equalizer (~> 0.0, >= 0.0.9)
    warden (1.2.3)
      rack (>= 1.0)
    whenever (0.9.4)
      chronic (>= 0.6.3)
    wisper (1.6.0)
    zeroclipboard-rails (0.1.0)
      railties (>= 3.1)

PLATFORMS
  ruby

DEPENDENCIES
  actionpack-page_caching
  actionpack-xml_parser
  acts-as-taggable-on
  airborne
  angularjs-rails-resource (~> 1.1.1)
  autoprefixer-rails
  awesome_nested_set
  awesome_print
  axlsx
  barby
  better_errors
  bootstrap3-datetimepicker-rails (~> 3.1.2)
  bootstrap_flash_messages (~> 1.0.0)
  browser
  cancancan (~> 1.9)
  capistrano (~> 3.1.0)
  capistrano-bundler (~> 1.1.2)
  capistrano-rails (~> 1.1.1)
  capistrano-rvm!
  chunky_png
  coffee-rails
  daemons
  database_cleaner (~> 1.4.1)
  delayed_job_active_record
  devise
  devise-async
  doorkeeper (~> 1.4.0)
  dumper
  factory_girl_rails
  faker
  grape (~> 0.10.1)
  grape-doorkeeper (~> 0.0.2)
  grape-rabl
  growl
  guard
  guard-coffeescript
  guard-less
  guard-livereload
  guard-rspec (~> 4.6.2)
  guard-sass
  hashids
  hirb
  html2slim
  ionicons-rails
  jbuilder
  jquery-fileupload-rails
  jquery-rails
  jquery-ui-rails
  jquery_mobile_rails
  less-rails
  letter_opener
  mobile-fu (~> 1.3.1)
  momentjs-rails (>= 2.8.1)
  mysql2
  oj
  omniauth
  paperclip (~> 4.1)
  paranoia (~> 2.0)
  pry
  pry-nav
  pry-rails
  pry-remote
  quiet_assets
  rabl
  rack-utf8_sanitizer
  rails (= 4.2.0)
  rails-i18n
  rails_config
  rb-fsevent
  rb-readline
  rest-client (~> 1.8.0)
  roar-rails
  rspec-rails (~> 3.3.3)
  sass-rails
  sdoc
  select2-rails
  simple_form
  slim-rails
  spring
  spring-commands-rspec (~> 1.0.4)
  squeel!
  therubyracer
  thin
  twitter-bootstrap-rails!
  typhoeus
  uglifier
  whenever
  wisper
  zeroclipboard-rails
